GEM
  remote: http://rubygems.org/
  specs:
    bunny (0.6.0)
    json (1.5.1)
    trollop (1.16.2)

PLATFORMS
  ruby

DEPENDENCIES
  bunny
  json
  trollop
