PATH
  remote: .
  specs:
    amqp_directory_broadcaster (1.0.0)
      bunny
      trollop

GEM
  remote: http://rubygems.org/
  specs:
    bunny (0.6.0)
    rake (0.8.7)
    trollop (1.16.2)

PLATFORMS
  ruby

DEPENDENCIES
  amqp_directory_broadcaster!
  bunny
  rake
  trollop
